PATH
  remote: .
  specs:
    rockin (0.1.0)

GEM
  remote: https://rubygems.org/
  specs:

PLATFORMS
  ruby

DEPENDENCIES
  rockin!
